GIT
  remote: git@github.com:bhelx/close_enough_ocr
  revision: 5d75cd564c6b0da5b6d57d98bd7d0f22d79267c6
  branch: master
  specs:
    close_enough_ocr (0.0.1)
      tre-ruby

GIT
  remote: git@github.com:bhelx/ruby-tesseract.git
  revision: b52327d10e6bbc5f7039b0205c7a256771bf23ad
  branch: master
  specs:
    tesseract (0.0.1)

GEM
  remote: http://rubygems.org/
  specs:
    activemodel (3.1.3)
      activesupport (= 3.1.3)
      builder (~> 3.0.0)
      i18n (~> 0.6)
    activerecord (3.1.3)
      activemodel (= 3.1.3)
      activesupport (= 3.1.3)
      arel (~> 2.2.1)
      tzinfo (~> 0.3.29)
    activesupport (3.1.3)
      multi_json (~> 1.0)
    arel (2.2.1)
    builder (3.0.0)
    coderay (0.9.8)
    geocoder (1.1.0)
    geokit (1.6.0)
    google_places (0.0.4)
      httparty
    httparty (0.8.1)
      multi_json
      multi_xml
    i18n (0.6.0)
    method_source (0.6.7)
      ruby_parser (>= 2.3.1)
    multi_json (1.0.4)
    multi_xml (0.4.1)
    nokogiri (1.5.0)
    pg (0.12.0)
      rake-compiler (~> 0.7)
    pry (0.9.7.4)
      coderay (~> 0.9.8)
      method_source (~> 0.6.7)
      ruby_parser (>= 2.3.1)
      slop (~> 2.1.0)
    rack (1.3.5)
    rack-protection (1.1.4)
      rack
    rake (0.9.2.2)
    rake-compiler (0.7.9)
      rake
    ruby_parser (2.3.1)
      sexp_processor (~> 3.0)
    sexp_processor (3.0.9)
    shotgun (0.9)
      rack (>= 1.0)
    sinatra (1.3.1)
      rack (~> 1.3, >= 1.3.4)
      rack-protection (~> 1.1, >= 1.1.2)
      tilt (~> 1.3, >= 1.3.3)
    sinatra-activerecord (0.1.3)
      sinatra (>= 0.9.4)
    slop (2.1.0)
    tilt (1.3.3)
    tre-ruby (0.1.1)
    tzinfo (0.3.31)

PLATFORMS
  ruby

DEPENDENCIES
  activerecord
  activesupport
  close_enough_ocr!
  geocoder
  geokit
  google_places
  nokogiri
  pg
  pry
  shotgun
  sinatra
  sinatra-activerecord
  tesseract!
